GIT
  remote: git@github.com:Vizzuality/cartodb-rb-client.git
  revision: 5f4e86028ce695b43e8fa9695b6aebfa113c5d2a
  specs:
    cartodb-rb-client (0.0.1)
      activesupport (= 3.0.5)
      i18n (= 0.5.0)
      json (= 1.5.1)
      mime-types (= 1.16)
      omniauth (= 0.1.6)
      rails_warden (= 0.5.2)
      rgeo (= 0.2.7)
      rgeo-geojson (= 0.2.0)
      typhoeus (= 0.2.4)
      warden (= 1.0.3)

GEM
  remote: http://rubygems.org/
  specs:
    activesupport (3.0.5)
    addressable (2.2.5)
    archive-tar-minitar (0.5.2)
    columnize (0.3.2)
    faraday (0.5.7)
      addressable (~> 2.2.4)
      multipart-post (~> 1.1.0)
      rack (>= 1.1.0, < 2)
    fattr (2.2.0)
    highline (1.6.1)
    i18n (0.5.0)
    json (1.5.1)
    linecache19 (0.5.12)
      ruby_core_source (>= 0.1.4)
    mime-types (1.16)
    multi_json (0.0.5)
    multipart-post (1.1.0)
    net-ldap (0.1.1)
    nokogiri (1.4.4)
    oa-basic (0.1.6)
      multi_json (~> 0.0.2)
      nokogiri (~> 1.4.2)
      oa-core (= 0.1.6)
      rest-client (~> 1.6.0)
    oa-core (0.1.6)
      rack (~> 1.1)
    oa-enterprise (0.1.6)
      net-ldap (~> 0.1.1)
      nokogiri (~> 1.4.2)
      oa-core (= 0.1.6)
      pyu-ruby-sasl (~> 0.0.3.1)
      rubyntlm (~> 0.1.1)
    oa-oauth (0.1.6)
      multi_json (~> 0.0.2)
      nokogiri (~> 1.4.2)
      oa-core (= 0.1.6)
      oauth (~> 0.4.0)
      oauth2 (~> 0.1.0)
    oa-openid (0.1.6)
      oa-core (= 0.1.6)
      rack-openid (~> 1.2.0)
      ruby-openid-apps-discovery
    oauth (0.4.4)
    oauth2 (0.1.1)
      faraday (~> 0.5.0)
      multi_json (~> 0.0.4)
    omniauth (0.1.6)
      oa-basic (= 0.1.6)
      oa-core (= 0.1.6)
      oa-enterprise (= 0.1.6)
      oa-oauth (= 0.1.6)
      oa-openid (= 0.1.6)
    options (2.3.0)
      fattr
    progress_bar (0.3.4)
      highline (~> 1.6.1)
      options (~> 2.3.0)
    pyu-ruby-sasl (0.0.3.2)
    rack (1.2.2)
    rack-openid (1.2.0)
      rack (>= 1.1.0)
      ruby-openid (>= 2.1.8)
    rails_warden (0.5.2)
      warden
    rest-client (1.6.1)
      mime-types (>= 1.16)
    rgeo (0.2.7)
    rgeo-geojson (0.2.0)
      rgeo (>= 0.2.0)
    ruby-debug-base19 (0.11.25)
      columnize (>= 0.3.1)
      linecache19 (>= 0.5.11)
      ruby_core_source (>= 0.1.4)
    ruby-debug19 (0.11.6)
      columnize (>= 0.3.1)
      linecache19 (>= 0.5.11)
      ruby-debug-base19 (>= 0.11.19)
    ruby-openid (2.1.8)
    ruby-openid-apps-discovery (1.2.0)
      ruby-openid (>= 2.1.7)
    ruby_core_source (0.1.5)
      archive-tar-minitar (>= 0.5.2)
    rubyntlm (0.1.1)
    typhoeus (0.2.4)
      mime-types
      mime-types
    warden (1.0.3)
      rack (>= 1.0.0)

PLATFORMS
  ruby

DEPENDENCIES
  cartodb-rb-client!
  progress_bar
  ruby-debug19
